PATH
  remote: .
  specs:
    gotime-cassandra_object (0.8.1)
      activemodel (~> 3)
      activesupport (~> 3)
      cassandra

GEM
  remote: http://rubygems.org/
  specs:
    activemodel (3.0.5)
      activesupport (= 3.0.5)
      builder (~> 2.1.2)
      i18n (~> 0.4)
    activesupport (3.0.5)
    builder (2.1.2)
    cassandra (0.9.0)
      json
      rake
      simple_uuid (>= 0.1.0)
      thrift_client (>= 0.6.0)
    git (1.2.5)
    i18n (0.5.0)
    jeweler (1.5.1)
      bundler (~> 1.0.0)
      git (>= 1.2.5)
      rake
    json (1.5.1)
    rake (0.8.7)
    rcov (0.9.9)
    shoulda (2.11.3)
    simple_uuid (0.1.1)
    thrift (0.5.0)
    thrift_client (0.6.0)
      thrift (~> 0.5.0)

PLATFORMS
  ruby

DEPENDENCIES
  bundler (~> 1.0.0)
  gotime-cassandra_object!
  jeweler (~> 1.5.1)
  rcov
  shoulda
